PATH
  remote: .
  specs:
    arii (1.2.2)
      jsonpath (~> 0)
      nokogiri
      rest-client (~> 0)
      rubyXL
      spreadsheet

GEM
  remote: https://rubygems.org/
  specs:
    jsonpath (0.5.6)
      multi_json
    mini_portile (0.6.2)
    multi_json (1.11.0)
    nokogiri (1.6.6.2)
      mini_portile (~> 0.6.0)
    rake (0.9.6)
    rest-client (0.9.2)
    ruby-ole (1.2.11.8)
    rubyXL (3.3.7)
      nokogiri (>= 1.4.4)
      rubyzip (>= 1.1.6)
    rubyzip (1.1.7)
    spreadsheet (1.0.3)
      ruby-ole (>= 1.0)

PLATFORMS
  ruby

DEPENDENCIES
  arii!
  bundler (~> 1.5)
  rake (~> 0)
