PATH
  remote: .
  specs:
    arii (1.2.2)
      jsonpath (~> 0)
      nokogiri
      pg
      rest-client (~> 0)
      rubyXL
      spreadsheet
      tiny_tds (> 0.6.3.rc1)

GEM
  remote: https://rubygems.org/
  specs:
    jsonpath (0.9.9)
      multi_json
      to_regexp (~> 0.2.1)
    mini_portile2 (2.4.0)
    multi_json (1.14.1)
    nokogiri (1.10.8)
      mini_portile2 (~> 2.4.0)
    pg (1.2.2)
    rake (0.9.6)
    rest-client (0.9.2)
    ruby-ole (1.2.12.2)
    rubyXL (3.4.12)
      nokogiri (>= 1.4.4)
      rubyzip (>= 1.3.0)
    rubyzip (2.2.0)
    spreadsheet (1.2.6)
      ruby-ole (>= 1.0)
    tiny_tds (2.1.2)
    to_regexp (0.2.1)

PLATFORMS
  ruby

DEPENDENCIES
  arii!
  bundler (~> 1.5)
  rake
