PATH
  remote: .
  specs:
    arii (1.2.2)
      jsonpath (~> 0)
      nokogiri
      pg
      rest-client (< 3)
      rubyXL
      spreadsheet
      tiny_tds (> 0.6.3.rc1)

GEM
  remote: https://rubygems.org/
  specs:
    domain_name (0.5.20190701)
      unf (>= 0.0.5, < 1.0.0)
    http-accept (1.7.0)
    http-cookie (1.0.3)
      domain_name (~> 0.5)
    jsonpath (0.9.9)
      multi_json
      to_regexp (~> 0.2.1)
    mime-types (3.3.1)
      mime-types-data (~> 3.2015)
    mime-types-data (3.2019.1009)
    mini_portile2 (2.6.1)
    multi_json (1.14.1)
    netrc (0.11.0)
    nokogiri (1.12.5)
      mini_portile2 (~> 2.6.1)
      racc (~> 1.4)
    pg (1.2.2)
    racc (1.5.2)
    rake (13.0.1)
    rest-client (2.1.0)
      http-accept (>= 1.7.0, < 2.0)
      http-cookie (>= 1.0.2, < 2.0)
      mime-types (>= 1.16, < 4.0)
      netrc (~> 0.8)
    ruby-ole (1.2.12.2)
    rubyXL (3.4.12)
      nokogiri (>= 1.4.4)
      rubyzip (>= 1.3.0)
    rubyzip (2.2.0)
    spreadsheet (1.2.6)
      ruby-ole (>= 1.0)
    tiny_tds (2.1.2)
    to_regexp (0.2.1)
    unf (0.1.4)
      unf_ext
    unf_ext (0.0.7.6)

PLATFORMS
  ruby

DEPENDENCIES
  arii!
  bundler (~> 1.5)
  rake
