PATH
  remote: .
  specs:
    arii (0.0.3)

GEM
  remote: https://rubygems.org/
  specs:
    rake (10.1.1)

PLATFORMS
  ruby

DEPENDENCIES
  bundler (~> 1.5)
  arii!
  rake
